{
  "AcquisitionMatrixPE": 60,
  "AcquisitionNumber": 1,
  "AcquisitionTime": "13:36:13.292500",
  "BandwidthPerPixelPhaseEncode": 64.103,
  "BaseResolution": 64,
  "CoilString": "T:HEA;HEP",
  "ConversionSoftware": "dcm2niix",
  "ConversionSoftwareVersion": "v1.0.20190902",
  "DelayTime": 1,
  "DerivedVendorReportedEchoSpacing": 0.000519996,
  "DeviceSerialNumber": "35108",
  "DwellTime": 3.4e-06,
  "EchoTime": 0.03,
  "EffectiveEchoSpacing": 0.000259998,
  "FlipAngle": 80,
  "ImageOrientationPatientDICOM": [
    0.999816,
    0.00485389,
    0.0185461,
    5.02391e-08,
    0.967415,
    -0.253195
  ],
  "ImageType": [
    "ORIGINAL",
    "PRIMARY",
    "PERFUSION",
    "NONE",
    "ND"
  ],
  "ImagingFrequency": 123.227,
  "InPlanePhaseEncodingDirectionDICOM": "COL",
  "InstitutionAddress": "Waukegan_Street_9000_Morton_Grove_Chicago_US_60053",
  "InstitutionName": "3T_Imaging_of_Morton_Grove",
  "InstitutionalDepartmentName": "Department",
  "MRAcquisitionType": "2D",
  "MagneticFieldStrength": 3,
  "Manufacturer": "Siemens",
  "ManufacturersModelName": "TrioTim",
  "Modality": "MR",
  "ParallelReductionFactorInPlane": 2,
  "PartialFourier": 1,
  "PatientPosition": "HFS",
  "PercentPhaseFOV": 93.75,
  "PhaseEncodingDirection": "j-",
  "PhaseEncodingSteps": 59,
  "PhaseResolution": 1,
  "PixelBandwidth": 2298,
  "ProcedureStepDescription": "MRI_BRAIN_W_O_CONTRAST-ALZHEIMERS_STUDY",
  "ProtocolName": "ep2d_fid_basic_bold",
  "PulseSequenceDetails": "%SiemensSeq%_ep2d_fid",
  "ReceiveCoilName": "HeadMatrix",
  "ReconMatrixPE": 60,
  "RefLinesPE": 24,
  "RepetitionTime": 3,
  "SAR": 0.138967,
  "ScanOptions": "FS",
  "ScanningSequence": "EP",
  "SequenceName": "_epfid2d1_60",
  "SequenceVariant": "SK",
  "SeriesDescription": "ep2d_fid_basic_bold",
  "SeriesNumber": 17,
  "ShimSetting": [
    -8,
    -11820,
    -15669,
    935,
    179,
    -441,
    163,
    -65
  ],
  "SliceThickness": 3.3,
  "SliceTiming": [
    1.01562,
    0,
    1.0625,
    0.0625,
    1.10938,
    0.10938,
    1.17188,
    0.15625,
    1.21875,
    0.21875,
    1.28125,
    0.26562,
    1.32812,
    0.32812,
    1.375,
    0.375,
    1.4375,
    0.42188,
    1.48438,
    0.48438,
    1.53125,
    0.53125,
    1.59375,
    0.59375,
    1.64062,
    0.64062,
    1.70312,
    0.6875,
    1.75,
    0.75,
    1.79688,
    0.79688,
    1.85938,
    0.84375,
    1.90625,
    0.90625,
    1.96875,
    0.95312
  ],
  "SoftwareVersions": "syngo_MR_B19",
  "SpacingBetweenSlices": 3.3,
  "StationName": "MRC35108",
  "TaskName": "rest",
  "TotalReadoutTime": 0.0153399,
  "TxRefAmp": 343.181
}