{
	"Modality": "MR",
	"MagneticFieldStrength": 3,
	"ImagingFrequency": 123.227,
	"Manufacturer": "Siemens",
	"ManufacturersModelName": "TrioTim",
	"InstitutionName": "3T_Imaging_of_Morton_Grove",
	"InstitutionalDepartmentName": "Department",
	"InstitutionAddress": "Waukegan_Street_9000_Morton_Grove_Chicago_US_60053",
	"DeviceSerialNumber": "35108",
	"StationName": "MRC35108",
	"PatientPosition": "HFS",
	"ProcedureStepDescription": "MRI_BRAIN_W_O_CONTRAST-ALZHEIMERS_STUDY",
	"SoftwareVersions": "syngo_MR_B19",
	"MRAcquisitionType": "2D",
	"SeriesDescription": "DIFF_DTI_45_directions",
	"ProtocolName": "DIFF_DTI_45_directions",
	"ScanningSequence": "EP",
	"SequenceVariant": "SK_SP",
	"ScanOptions": "PFP_FS",
	"SequenceName": "_ep_b0",
	"ImageType": ["ORIGINAL", "PRIMARY", "DIFFUSION", "NONE", "ND", "NORM", "MOSAIC"],
	"SeriesNumber": 4,
	"AcquisitionTime": "13:07:24.682500",
	"AcquisitionNumber": 1,
	"SliceThickness": 2,
	"SpacingBetweenSlices": 2,
	"SAR": 0.514824,
	"EchoTime": 0.085,
	"RepetitionTime": 8.1,
	"FlipAngle": 90,
	"PartialFourier": 0.75,
	"BaseResolution": 112,
	"ShimSetting": [
		-7,
		-11823,
		-15673,
		911,
		176,
		-484,
		163,
		-62	],
	"DiffusionScheme": "Monopolar",
	"TxRefAmp": 343.181,
	"PhaseResolution": 1,
	"ReceiveCoilName": "HeadMatrix",
	"CoilString": "T:HEA;HEP",
	"PulseSequenceDetails": "%SiemensSeq%_ep2d_diff",
	"RefLinesPE": 26,
	"PercentPhaseFOV": 100,
	"PhaseEncodingSteps": 83,
	"AcquisitionMatrixPE": 112,
	"ReconMatrixPE": 112,
	"BandwidthPerPixelPhaseEncode": 21.777,
	"ParallelReductionFactorInPlane": 2,
	"EffectiveEchoSpacing": 0.00041,
	"DerivedVendorReportedEchoSpacing": 0.00082,
	"TotalReadoutTime": 0.04551,
	"PixelBandwidth": 1353,
	"DwellTime": 3.3e-06,
	"PhaseEncodingDirection": "j-",
	"SliceTiming": [
		0,
		4.13,
		0.125,
		4.255,
		0.2525,
		4.38,
		0.3775,
		4.505,
		0.5025,
		4.63,
		0.6275,
		4.755,
		0.7525,
		4.88,
		0.8775,
		5.005,
		1.0025,
		5.13,
		1.1275,
		5.255,
		1.2525,
		5.38,
		1.3775,
		5.505,
		1.5025,
		5.63,
		1.6275,
		5.755,
		1.7525,
		5.8825,
		1.8775,
		6.0075,
		2.0025,
		6.1325,
		2.1275,
		6.2575,
		2.2525,
		6.3825,
		2.3775,
		6.5075,
		2.5025,
		6.6325,
		2.6275,
		6.7575,
		2.7525,
		6.8825,
		2.8775,
		7.0075,
		3.0025,
		7.1325,
		3.13,
		7.2575,
		3.255,
		7.3825,
		3.38,
		7.5075,
		3.505,
		7.6325,
		3.63,
		7.7575,
		3.755,
		7.8825,
		3.88,
		8.0075,
		4.005	],
	"ImageOrientationPatientDICOM": [
		0.999816,
		0.00485389,
		0.0185461,
		5.02391e-08,
		0.967415,
		-0.253195	],
	"InPlanePhaseEncodingDirectionDICOM": "COL",
	"ConversionSoftware": "dcm2niix",
	"ConversionSoftwareVersion": "v1.0.20190902"
}
