{
	"Modality": "MR",
	"MagneticFieldStrength": 3,
	"ImagingFrequency": 123.227,
	"Manufacturer": "Siemens",
	"ManufacturersModelName": "TrioTim",
	"InstitutionName": "3T_Imaging_of_Morton_Grove",
	"InstitutionalDepartmentName": "Department",
	"InstitutionAddress": "Waukegan_Street_9000_Morton_Grove_Chicago_US_60053",
	"DeviceSerialNumber": "35108",
	"StationName": "MRC35108",
	"PatientPosition": "HFS",
	"ProcedureStepDescription": "MRI_BRAIN_W_O_CONTRAST-ALZHEIMERS_STUDY",
	"SoftwareVersions": "syngo_MR_B19",
	"MRAcquisitionType": "2D",
	"SeriesDescription": "gre_field_mapping",
	"ProtocolName": "gre_field_mapping",
	"ScanningSequence": "GR",
	"SequenceVariant": "SP",
	"SequenceName": "_fm2d2r",
	"ImageType": ["ORIGINAL", "PRIMARY", "M", "ND"],
	"SeriesNumber": 10,
	"AcquisitionTime": "13:13:48.052500",
	"AcquisitionNumber": 1,
	"SliceThickness": 2,
	"SpacingBetweenSlices": 2,
	"SAR": 0.421865,
	"EchoNumber": 1,
	"EchoTime": 0.00492,
	"RepetitionTime": 0.681,
	"FlipAngle": 70,
	"PartialFourier": 1,
	"BaseResolution": 128,
	"ShimSetting": [
		-7,
		-11823,
		-15673,
		910,
		177,
		-485,
		165,
		-61	],
	"TxRefAmp": 343.181,
	"PhaseResolution": 1,
	"ReceiveCoilName": "HeadMatrix",
	"CoilString": "C:HEA;HEP",
	"PulseSequenceDetails": "%SiemensSeq%_gre_field_mapping",
	"PercentPhaseFOV": 100,
	"PhaseEncodingSteps": 128,
	"AcquisitionMatrixPE": 128,
	"ReconMatrixPE": 128,
	"PixelBandwidth": 328,
	"DwellTime": 1.19e-05,
	"PhaseEncodingDirection": "j-",
	"SliceTiming": [
		0,
		0.35938,
		0.01562,
		0.35938,
		0.03125,
		0.375,
		0.03125,
		0.39062,
		0.04688,
		0.39062,
		0.0625,
		0.40625,
		0.0625,
		0.42188,
		0.07812,
		0.42188,
		0.09375,
		0.4375,
		0.09375,
		0.45312,
		0.10938,
		0.45312,
		0.125,
		0.46875,
		0.14062,
		0.48438,
		0.14062,
		0.48438,
		0.15625,
		0.5,
		0.15625,
		0.51562,
		0.17188,
		0.51562,
		0.1875,
		0.53125,
		0.20312,
		0.54688,
		0.20312,
		0.54688,
		0.21875,
		0.5625,
		0.23438,
		0.57812,
		0.23438,
		0.57812,
		0.25,
		0.59375,
		0.26562,
		0.60938,
		0.26562,
		0.60938,
		0.28125,
		0.625,
		0.29688,
		0.64062,
		0.29688,
		0.64062,
		0.3125,
		0.65625,
		0.32812,
		0.67188,
		0.32812,
		0.67188,
		0.34375	],
	"ImageOrientationPatientDICOM": [
		0.999816,
		0.00485389,
		0.0185461,
		5.02391e-08,
		0.967415,
		-0.253195	],
	"InPlanePhaseEncodingDirectionDICOM": "COL",
	"ConversionSoftware": "dcm2niix",
	"ConversionSoftwareVersion": "v1.0.20190902"
}
