{
  "AcquisitionMatrixPE": 128,
  "AcquisitionNumber": 1,
  "AcquisitionTime": "13:13:48.740000",
  "BaseResolution": 128,
  "CoilString": "C:HEA;HEP",
  "ConversionSoftware": "dcm2niix",
  "ConversionSoftwareVersion": "v1.0.20190902",
  "DeviceSerialNumber": "35108",
  "DwellTime": 1.19e-05,
  "EchoNumber": 2,
  "EchoTime": 0.00738,
  "EchoTime1": 0.00492,
  "EchoTime2": 0.00738,
  "FlipAngle": 70,
  "ImageOrientationPatientDICOM": [
    0.999816,
    0.00485389,
    0.0185461,
    5.02391e-08,
    0.967415,
    -0.253195
  ],
  "ImageType": [
    "ORIGINAL",
    "PRIMARY",
    "P",
    "ND"
  ],
  "ImagingFrequency": 123.227,
  "InPlanePhaseEncodingDirectionDICOM": "COL",
  "InstitutionAddress": "Waukegan_Street_9000_Morton_Grove_Chicago_US_60053",
  "InstitutionName": "3T_Imaging_of_Morton_Grove",
  "InstitutionalDepartmentName": "Department",
  "IntendedFor": [
    "ses-02/func/sub-16064431_ses-02_task-rest_acq-ep2d_dir-AP_run-1_bold.nii.gz",
    "ses-02/dwi/sub-16064431_ses-02_acq-45dir_dir-AP_run-1_dwi.nii.gz"
  ],
  "MRAcquisitionType": "2D",
  "MagneticFieldStrength": 3,
  "Manufacturer": "Siemens",
  "ManufacturersModelName": "TrioTim",
  "Modality": "MR",
  "PartialFourier": 1,
  "PatientPosition": "HFS",
  "PercentPhaseFOV": 100,
  "PhaseEncodingDirection": "j-",
  "PhaseEncodingSteps": 128,
  "PhaseResolution": 1,
  "PixelBandwidth": 328,
  "ProcedureStepDescription": "MRI_BRAIN_W_O_CONTRAST-ALZHEIMERS_STUDY",
  "ProtocolName": "gre_field_mapping",
  "PulseSequenceDetails": "%SiemensSeq%_gre_field_mapping",
  "ReceiveCoilName": "HeadMatrix",
  "ReconMatrixPE": 128,
  "RepetitionTime": 0.681,
  "SAR": 0.421865,
  "ScanningSequence": "GR",
  "SequenceName": "_fm2d2r",
  "SequenceVariant": "SP",
  "SeriesDescription": "gre_field_mapping",
  "SeriesNumber": 11,
  "ShimSetting": [
    -7,
    -11823,
    -15673,
    910,
    177,
    -485,
    165,
    -61
  ],
  "SliceThickness": 2,
  "SliceTiming": [
    0,
    0.34375,
    0.01562,
    0.35938,
    0.03125,
    0.375,
    0.03125,
    0.39062,
    0.04688,
    0.39062,
    0.0625,
    0.40625,
    0.0625,
    0.42188,
    0.07812,
    0.42188,
    0.09375,
    0.4375,
    0.09375,
    0.45312,
    0.10938,
    0.45312,
    0.125,
    0.46875,
    0.125,
    0.48438,
    0.14062,
    0.48438,
    0.15625,
    0.5,
    0.15625,
    0.51562,
    0.17188,
    0.51562,
    0.1875,
    0.53125,
    0.1875,
    0.54688,
    0.20312,
    0.54688,
    0.21875,
    0.5625,
    0.21875,
    0.57812,
    0.23438,
    0.57812,
    0.25,
    0.59375,
    0.26562,
    0.60938,
    0.26562,
    0.60938,
    0.28125,
    0.625,
    0.28125,
    0.64062,
    0.29688,
    0.64062,
    0.3125,
    0.65625,
    0.32812,
    0.67188,
    0.32812,
    0.67188,
    0.34375
  ],
  "SoftwareVersions": "syngo_MR_B19",
  "SpacingBetweenSlices": 2,
  "StationName": "MRC35108",
  "TxRefAmp": 343.181
}