{
	"Modality": "MR",
	"MagneticFieldStrength": 3,
	"ImagingFrequency": 123.227,
	"Manufacturer": "Siemens",
	"ManufacturersModelName": "TrioTim",
	"InstitutionName": "3T_Imaging_of_Morton_Grove",
	"InstitutionalDepartmentName": "Department",
	"InstitutionAddress": "Waukegan_Street_9000_Morton_Grove_Chicago_US_60053",
	"DeviceSerialNumber": "35108",
	"StationName": "MRC35108",
	"PatientPosition": "HFS",
	"ProcedureStepDescription": "MRI_BRAIN_W_O_CONTRAST-ALZHEIMERS_STUDY",
	"SoftwareVersions": "syngo_MR_B19",
	"MRAcquisitionType": "3D",
	"SeriesDescription": "t1_mpr_ns_sag_pat2_iso",
	"ProtocolName": "t1_mpr_ns_sag_pat2_iso",
	"ScanningSequence": "GR_IR",
	"SequenceVariant": "SP_MP",
	"ScanOptions": "IR",
	"SequenceName": "_tfl3d1_ns",
	"ImageType": ["ORIGINAL", "PRIMARY", "M", "NORM", "DIS3D", "DIS2D"],
	"SeriesNumber": 3,
	"AcquisitionTime": "13:00:58.010000",
	"AcquisitionNumber": 1,
	"SliceThickness": 1,
	"SAR": 0.12617,
	"EchoTime": 0.00298,
	"RepetitionTime": 2.3,
	"InversionTime": 0.9,
	"FlipAngle": 9,
	"PartialFourier": 1,
	"BaseResolution": 256,
	"ShimSetting": [
		3,
		-11848,
		-15734,
		591,
		220,
		-702,
		347,
		-58	],
	"TxRefAmp": 343.181,
	"PhaseResolution": 1,
	"ReceiveCoilName": "HeadMatrix",
	"CoilString": "t:HEA;HEP",
	"PulseSequenceDetails": "%SiemensSeq%_tfl",
	"RefLinesPE": 32,
	"PercentPhaseFOV": 100,
	"PhaseEncodingSteps": 255,
	"AcquisitionMatrixPE": 256,
	"ReconMatrixPE": 256,
	"ParallelReductionFactorInPlane": 2,
	"PixelBandwidth": 238,
	"DwellTime": 8.2e-06,
	"ImageOrientationPatientDICOM": [
		0.0645323,
		0.997916,
		-4.35646e-08,
		0.0365674,
		-0.00236475,
		-0.999328	],
	"InPlanePhaseEncodingDirectionDICOM": "ROW",
	"ConversionSoftware": "dcm2niix",
	"ConversionSoftwareVersion": "v1.0.20190902"
}
